NUGET
  remote: https://www.nuget.org/api/v2
    Angara.Serialization (0.2)

GROUP Build
NUGET
  remote: https://www.nuget.org/api/v2
    FAKE (4.33.1)
    FSharp.Compiler.Service (2.0.0.6)
    FSharp.Formatting (2.14.4)
      FSharp.Compiler.Service (2.0.0.6)
      FSharpVSPowerTools.Core (>= 2.3 < 2.4)
    FSharpVSPowerTools.Core (2.3)
      FSharp.Compiler.Service (>= 2.0.0.3)
    Microsoft.Bcl (1.1.10) - framework: net10, net11, net20, net30, net35, net40, net40-full
      Microsoft.Bcl.Build (>= 1.0.14)
    Microsoft.Bcl.Build (1.0.21) - import_targets: false, framework: net10, net11, net20, net30, net35, net40, net40-full
    Microsoft.Net.Http (2.2.29) - framework: net10, net11, net20, net30, net35, net40, net40-full
      Microsoft.Bcl (>= 1.1.10)
      Microsoft.Bcl.Build (>= 1.0.14)
    Node.js (5.3)
    Npm.js (2.13.1)
      Node.js (>= 0.12.7)
    Octokit (0.20)
      Microsoft.Net.Http  - framework: net10, net11, net20, net30, net35, net40, net40-full
    SourceLink.Fake (1.1)
GITHUB
  remote: fsharp/FAKE
    modules/Octokit/Octokit.fsx (644721c4e7ca469c3534863e1e3967ee9269d239)
      Octokit
GROUP Docs
NUGET
  remote: https://www.nuget.org/api/v2
    Angara.Html (0.2.4)
      Angara.Reinstate (>= 0.2.4)
      Angara.Serialization (>= 0.2 < 0.3)
      Angara.Serialization.Json (>= 0.2 < 0.3)
      DotNetZip (>= 1.10.1 < 1.11)
      Newtonsoft.Json (>= 8.0 < 9.0)
      Suave (>= 1.1.2 < 1.2)
    Angara.Reinstate (0.2.4)
      Angara.Serialization (>= 0.2 < 0.3)
      Angara.Serialization.Json (>= 0.2 < 0.3)
      Newtonsoft.Json (>= 8.0 < 9.0)
    Angara.Serialization (0.2)
    Angara.Serialization.Json (0.2)
      Angara.Serialization (>= 0.2)
      Newtonsoft.Json (>= 8.0.3)
    Angara.Statistics (0.1.4)
      Angara.Serialization
    Angara.Table (0.2.3)
      Angara.Serialization (>= 0.2 < 0.3)
      Angara.Statistics (>= 0.1 < 1.0)
      System.Collections.Immutable (1.1.36)
    DotNetZip (1.10.1)
    FSharp.Core (4.0.0.1)
    Newtonsoft.Json (8.0.3)
    Suave (1.1.3)
      FSharp.Core (>= 3.1.2.5)
    System.Collections.Immutable (1.1.36)

GROUP Test
NUGET
  remote: https://www.nuget.org/api/v2
    NUnit (2.6.4)
    NUnit.Runners (2.6.4)
